GEM

	remote: https://rubygems.org/
	specs: 
		colorize(0.7.2)

PLATFORM
	ruby

DEPENDENCIES
	colorize